GEM
  remote: https://rubygems.org/
  specs:
    coderay (1.1.3)
    dotenv (2.7.6)
    ffi (1.14.2)
    image_processing (1.12.1)
      mini_magick (>= 4.9.5, < 5)
      ruby-vips (>= 2.0.17, < 3)
    method_source (1.0.0)
    mini_magick (4.11.0)
    minitest (5.14.2)
    pry (0.13.1)
      coderay (~> 1.1)
      method_source (~> 1.0)
    rake (13.0.2)
    ruby-vips (2.0.17)
      ffi (~> 1.9)

PLATFORMS
  ruby

DEPENDENCIES
  dotenv
  image_processing
  minitest
  pry
  rake

BUNDLED WITH
   2.1.4
